PATH
  remote: .
  specs:
    tn_pdf (0.0.8)
      backports
      prawn (~> 0.11.1)

GEM
  remote: http://rubygems.org/
  specs:
    Ascii85 (1.0.2)
    afm (0.2.2)
    backports (3.6.0)
    coderay (0.9.8)
    diff-lcs (1.1.2)
    hashery (2.1.1)
    method_source (0.6.0)
      ruby_parser (>= 2.0.5)
    pdf-reader (1.3.3)
      Ascii85 (~> 1.0.0)
      afm (~> 0.2.0)
      hashery (~> 2.0)
      ruby-rc4
      ttfunk
    prawn (0.11.1)
      pdf-reader (>= 0.9.0)
      ttfunk (~> 1.0.0)
    pry (0.9.2)
      coderay (>= 0.9.8)
      method_source (>= 0.6.0)
      ruby_parser (>= 2.0.5)
      slop (~> 1.9.0)
    rake (0.9.2)
    rspec (2.6.0)
      rspec-core (~> 2.6.0)
      rspec-expectations (~> 2.6.0)
      rspec-mocks (~> 2.6.0)
    rspec-core (2.6.4)
    rspec-expectations (2.6.0)
      diff-lcs (~> 1.1.2)
    rspec-mocks (2.6.0)
    ruby-rc4 (0.1.5)
    ruby_parser (2.0.6)
      sexp_processor (~> 3.0)
    sexp_processor (3.0.5)
    slop (1.9.1)
    ttfunk (1.0.3)

PLATFORMS
  ruby

DEPENDENCIES
  pry
  rake
  rspec (~> 2.6.0)
  tn_pdf!
