PATH
  remote: .
  specs:
    tn_pdf (0.0.2)
      activesupport (~> 2.3.5)
      backports
      prawn (~> 0.11.1)

GEM
  remote: http://rubygems.org/
  specs:
    Ascii85 (1.0.1)
    ZenTest (4.5.0)
    activesupport (2.3.12)
    autotest (4.4.6)
      ZenTest (>= 4.4.1)
    backports (2.2.1)
    coderay (0.9.8)
    diff-lcs (1.1.2)
    method_source (0.6.0)
      ruby_parser (>= 2.0.5)
    pdf-reader (0.9.2)
      Ascii85 (>= 0.9)
    prawn (0.11.1)
      pdf-reader (>= 0.9.0)
      ttfunk (~> 1.0.0)
    pry (0.9.2)
      coderay (>= 0.9.8)
      method_source (>= 0.6.0)
      ruby_parser (>= 2.0.5)
      slop (~> 1.9.0)
    rake (0.9.2)
    rcov (0.9.9)
    rspec (2.6.0)
      rspec-core (~> 2.6.0)
      rspec-expectations (~> 2.6.0)
      rspec-mocks (~> 2.6.0)
    rspec-core (2.6.4)
    rspec-expectations (2.6.0)
      diff-lcs (~> 1.1.2)
    rspec-mocks (2.6.0)
    ruby_parser (2.0.6)
      sexp_processor (~> 3.0)
    sexp_processor (3.0.5)
    slop (1.9.1)
    ttfunk (1.0.1)

PLATFORMS
  ruby

DEPENDENCIES
  autotest
  pry
  rake
  rcov
  rspec (~> 2.6.0)
  tn_pdf!
